GEM
  remote: https://rubygems.org/
  specs:
    dotenv (2.8.1)
    find (0.1.1)
    nokogiri (1.15.3-x64-mingw-ucrt)
      racc (~> 1.4)
    racc (1.7.1)

PLATFORMS
  x64-mingw-ucrt

DEPENDENCIES
  dotenv
  find
  nokogiri

RUBY VERSION
   ruby 3.2.2p53

BUNDLED WITH
   2.4.15
